GEM
  remote: https://rubygems.org/
  specs:
    debug (1.8.0)
      irb (>= 1.5.0)
      reline (>= 0.3.1)
    diff-lcs (1.5.0)
    io-console (0.6.0)
    irb (1.8.1)
      rdoc
      reline (>= 0.3.8)
    psych (5.1.0)
      stringio
    rdoc (6.5.0)
      psych (>= 4.0.0)
    reline (0.3.8)
      io-console (~> 0.5)
    rspec (2.99.0)
      rspec-core (~> 2.99.0)
      rspec-expectations (~> 2.99.0)
      rspec-mocks (~> 2.99.0)
    rspec-core (2.99.2)
    rspec-expectations (2.99.2)
      diff-lcs (>= 1.1.3, < 2.0)
    rspec-mocks (2.99.4)
    stringio (3.0.8)

PLATFORMS
  ruby

DEPENDENCIES
  debug (~> 1.8)
  rspec (~> 2.1)

BUNDLED WITH
   2.1.4
